PATH
  remote: .
  specs:
    minitest-phil_example (0.1.0)

GEM
  remote: https://rubygems.org/
  specs:
    minitest (5.11.3)
    rake (12.3.2)

PLATFORMS
  ruby

DEPENDENCIES
  bundler (~> 1.17)
  minitest (~> 5.0)
  minitest-phil_example!
  rake (~> 12.0)

BUNDLED WITH
   1.17.2
